GEM
  remote: https://rubygems.org/
  specs:
    redcarpet (3.5.1)
    rouge (2.2.1)
    stringex (2.8.5)

PLATFORMS
  arm64-darwin-20
  universal-darwin-21
  x86_64-darwin-19

DEPENDENCIES
  redcarpet (>= 3.5.1)
  rouge (~> 2.1, >= 2.1.1)
  stringex (~> 2.7, >= 2.7.1)

BUNDLED WITH
   2.2.31
