GEM
  remote: https://rubygems.org/
  specs:
    redcarpet (3.5.1)
    rouge (2.2.1)
    stringex (2.8.5)

PLATFORMS
  ruby

DEPENDENCIES
  redcarpet (>= 3.5.1)
  rouge (~> 2.1, >= 2.1.1)
  stringex (~> 2.7, >= 2.7.1)

BUNDLED WITH
   1.17.2
